GEM
  remote: https://rubygems.org/
  specs:
    addressable (2.3.8)
    array_utility (1.1.0)
    buftok (0.2.0)
    chunky_png (1.3.5)
    cinch (2.3.1)
    domain_name (0.5.25)
      unf (>= 0.0.5, < 1.0.0)
    equalizer (0.0.10)
    faraday (0.9.2)
      multipart-post (>= 1.2, < 3)
    fishbans (1.1.0)
      chunky_png (= 1.3.5)
      httpclient (= 2.6.0.1)
    http (0.9.8)
      addressable (~> 2.3)
      http-cookie (~> 1.0)
      http-form_data (~> 1.0.1)
      http_parser.rb (~> 0.6.0)
    http-cookie (1.0.2)
      domain_name (~> 0.5)
    http-form_data (1.0.1)
    http_parser.rb (0.6.0)
    httpclient (2.6.0.1)
    json (1.8.3)
    literate_randomizer (0.4.0)
    mediawiki-butt (0.8.1)
      httpclient (>= 2.6.0.1)
    memoizable (0.4.2)
      thread_safe (~> 0.3, >= 0.3.1)
    multipart-post (2.0.0)
    naught (1.1.0)
    octokit (4.2.0)
      sawyer (~> 0.6.0, >= 0.5.3)
    pastee (1.0.0)
      httpclient
    rainbow (2.0.0)
    require_all (1.3.3)
    sawyer (0.6.0)
      addressable (~> 2.3.5)
      faraday (~> 0.8, < 0.10)
    simple_geolocator (1.3.0)
      httpclient (~> 2.6, >= 2.6.0.1)
      rainbow (= 2.0.0)
      string-utility (>= 2.5.0)
    simple_oauth (0.3.1)
    string-utility (2.6.1)
    thread_safe (0.3.5)
    twitter (5.15.0)
      addressable (~> 2.3)
      buftok (~> 0.2.0)
      equalizer (= 0.0.10)
      faraday (~> 0.9.0)
      http (>= 0.4, < 0.10)
      http_parser.rb (~> 0.6.0)
      json (~> 1.8)
      memoizable (~> 0.4.0)
      naught (~> 1.0)
      simple_oauth (~> 0.3.0)
    unf (0.1.4)
      unf_ext
    unf_ext (0.0.7.1)
    weatheruby (0.4.2)
      httpclient
      rainbow
      string-utility

PLATFORMS
  ruby

DEPENDENCIES
  array_utility (>= 1.1.0)
  cinch (>= 2.3.1)
  fishbans (>= 1.0.1)
  literate_randomizer (>= 0.4.0)
  mediawiki-butt (>= 0.8.1)
  octokit (>= 4.2.0)
  pastee (>= 1.0.0)
  require_all (>= 1.3.3)
  simple_geolocator (>= 1.3.0)
  string-utility (>= 2.6.1)
  twitter (>= 5.15.0)
  weatheruby (>= 0.4.2)

BUNDLED WITH
   1.10.6
