GIT
  remote: https://github.com/elifoster/mw_dictionary_api.git
  revision: d988abf89702a0fb193ba5d7c31cb6ca87c13f88
  branch: nokogiri-update
  specs:
    mw_dictionary_api (0.1.2)
      nokogiri (~> 1.10.5)

GEM
  remote: http://rubygems.org/
  specs:
    addressable (2.7.0)
      public_suffix (>= 2.0.2, < 5.0)
    array_utility (1.1.1)
    buftok (0.2.0)
    chunky_png (1.3.11)
    cinch (2.3.4)
    curb (0.9.10)
    data_types (1.1.2)
    domain_name (0.5.20190701)
      unf (>= 0.0.5, < 1.0.0)
    dotenv (2.7.5)
    equalizer (0.0.11)
    faraday (1.0.1)
      multipart-post (>= 1.2, < 3)
    ffi (1.12.2)
    ffi-compiler (1.0.1)
      ffi (>= 1.0.0)
      rake
    fishbans (2.0.0)
      chunky_png (~> 1.3)
      httpclient (~> 2.8)
    http (4.4.1)
      addressable (~> 2.3)
      http-cookie (~> 1.0)
      http-form_data (~> 2.2)
      http-parser (~> 1.2.0)
    http-cookie (1.0.3)
      domain_name (~> 0.5)
    http-form_data (2.3.0)
    http-parser (1.2.1)
      ffi-compiler (>= 1.0, < 2.0)
    http_parser.rb (0.6.0)
    httpclient (2.8.3)
    isgd (1.0.5)
      httpclient (~> 2.8)
    literate_randomizer (0.4.0)
    mediawiki-butt (4.0.1)
      patron (~> 0.13)
    memoizable (0.4.2)
      thread_safe (~> 0.3, >= 0.3.1)
    mini_portile2 (2.4.0)
    mojang (2.0.1)
      curb (~> 0.9)
      oj (~> 3.10)
    multipart-post (2.1.1)
    naught (1.1.0)
    nokogiri (1.10.8)
      mini_portile2 (~> 2.4.0)
    octokit (4.18.0)
      faraday (>= 0.9)
      sawyer (~> 0.8.0, >= 0.5.3)
    oj (3.10.6)
    openweathermap (0.2.3)
    pastee (2.0.3)
      httpclient (~> 2.8)
    patron (0.13.3)
    pg (1.2.3)
    public_suffix (4.0.1)
    rainbow (3.0.0)
    rake (13.0.1)
    require_all (3.0.0)
    sawyer (0.8.2)
      addressable (>= 2.3.5)
      faraday (> 0.8, < 2.0)
    sequel (5.32.0)
    simple_geolocator (2.0.5)
      curb (~> 0.9)
      data_types (~> 1)
      oj (~> 3.10)
      rainbow (~> 3)
      string-utility (~> 3)
    simple_oauth (0.3.1)
    string-utility (3.0.0)
    thread_safe (0.3.6)
    timerizer (0.3.3)
    twitter (7.0.0)
      addressable (~> 2.3)
      buftok (~> 0.2.0)
      equalizer (~> 0.0.11)
      http (~> 4.0)
      http-form_data (~> 2.0)
      http_parser.rb (~> 0.6.0)
      memoizable (~> 0.4.0)
      multipart-post (~> 2.0)
      naught (~> 1.0)
      simple_oauth (~> 0.3.0)
    unf (0.1.4)
      unf_ext
    unf_ext (0.0.7.7)
    urbandict (1.0.2)
      httpclient (~> 2.8)

PLATFORMS
  ruby

DEPENDENCIES
  addressable (~> 2.6)
  array_utility (~> 1.1)
  cinch (~> 2.3)
  curb (~> 0.9)
  dotenv (~> 2.7)
  fishbans (~> 2.0)
  isgd (~> 1.0)
  literate_randomizer (~> 0.4)
  mediawiki-butt (~> 4.0)
  mojang (~> 2.0)
  mw_dictionary_api!
  octokit (~> 4.18)
  openweathermap (~> 0.2)
  pastee (~> 2.0)
  pg (~> 1.2)
  require_all (~> 3.0)
  sequel (~> 5.32)
  simple_geolocator (~> 2.0)
  string-utility (~> 3.0)
  timerizer (~> 0.3)
  twitter (~> 7.0)
  urbandict (~> 1.0)

RUBY VERSION
   ruby 2.6.5p114

BUNDLED WITH
   2.0.2
