GEM
  remote: https://rubygems.org/
  specs:
    addressable (2.4.0)
    array_utility (1.1.1)
    buftok (0.2.0)
    chunky_png (1.3.5)
    cinch (2.3.2)
    cleverbot_io (1.2.2)
      httpclient (~> 2.8)
      oj (~> 2.15)
    curb (0.9.3)
    data_types (1.1.1)
    domain_name (0.5.20160310)
      unf (>= 0.0.5, < 1.0.0)
    dotenv (2.1.1)
    equalizer (0.0.10)
    faraday (0.9.2)
      multipart-post (>= 1.2, < 3)
    fishbans (1.1.3)
      chunky_png (~> 1.3)
      httpclient (~> 2.8)
    http (1.0.4)
      addressable (~> 2.3)
      http-cookie (~> 1.0)
      http-form_data (~> 1.0.1)
      http_parser.rb (~> 0.6.0)
    http-cookie (1.0.2)
      domain_name (~> 0.5)
    http-form_data (1.0.1)
    http_parser.rb (0.6.0)
    httpclient (2.8.0)
    isgd (1.0.4)
      httpclient (~> 2.8)
    json (1.8.3)
    literate_randomizer (0.4.0)
    mediawiki-butt (0.11.1)
      httpclient (~> 2.8)
    memoizable (0.4.2)
      thread_safe (~> 0.3, >= 0.3.1)
    mojang (1.0.1)
      curb (~> 0.9)
      oj (~> 2.15)
    multipart-post (2.0.0)
    naught (1.1.0)
    octokit (4.3.0)
      sawyer (~> 0.7.0, >= 0.5.3)
    oj (2.15.0)
    pastee (2.0.3)
      httpclient (~> 2.8)
    pg (0.18.4)
    rainbow (2.1.0)
    require_all (1.3.3)
    sawyer (0.7.0)
      addressable (>= 2.3.5, < 2.5)
      faraday (~> 0.8, < 0.10)
    sequel (4.34.0)
    simple_geolocator (2.0.0)
      curb (~> 0.9)
      data_types (~> 1)
      oj (~> 2)
      rainbow (~> 2)
      string-utility (~> 2)
    simple_oauth (0.3.1)
    string-utility (2.7.2)
    thread_safe (0.3.5)
    twitter (5.16.0)
      addressable (~> 2.3)
      buftok (~> 0.2.0)
      equalizer (= 0.0.10)
      faraday (~> 0.9.0)
      http (~> 1.0)
      http_parser.rb (~> 0.6.0)
      json (~> 1.8)
      memoizable (~> 0.4.0)
      naught (~> 1.0)
      simple_oauth (~> 0.3.0)
    unf (0.1.4)
      unf_ext
    unf_ext (0.0.7.2)
    urbandict (1.0.2)
      httpclient (~> 2.8)
    weatheruby (0.6.0)
      httpclient (~> 2.8)
      rainbow (~> 2.1)
      string-utility (~> 2.7)

PLATFORMS
  ruby

DEPENDENCIES
  array_utility (~> 1.1)
  cinch (~> 2.3)
  cleverbot_io (~> 1.2)
  curb (~> 0.9)
  dotenv (~> 2.1)
  fishbans (~> 1.1)
  isgd (~> 1.0)
  literate_randomizer (~> 0.4)
  mediawiki-butt (~> 0.11)
  mojang (>= 1.0.1)
  octokit (~> 4.3)
  pastee (~> 2.0)
  pg (~> 0.18)
  require_all (~> 1.3)
  sequel (~> 4.34)
  simple_geolocator (~> 2.0)
  string-utility (~> 2.7)
  twitter (~> 5.16)
  urbandict (~> 1.0)
  weatheruby (~> 0.6)

BUNDLED WITH
   1.11.2
