GEM
  remote: http://rubygems.org/
  specs:
    activesupport (7.1.3.2)
      base64
      bigdecimal
      concurrent-ruby (~> 1.0, >= 1.0.2)
      connection_pool (>= 2.2.5)
      drb
      i18n (>= 1.6, < 2)
      minitest (>= 5.1)
      mutex_m
      tzinfo (~> 2.0)
    activesupport-core-ext (4.0.0.3)
    addressable (2.8.6)
      public_suffix (>= 2.0.2, < 6.0)
    array_utility (1.1.1)
    base64 (0.2.0)
    bigdecimal (3.1.6)
    concurrent-ruby (1.2.3)
    connection_pool (2.4.1)
    discordrb (3.5.0)
      discordrb-webhooks (~> 3.5.0)
      ffi (>= 1.9.24)
      opus-ruby
      rest-client (>= 2.0.0)
      websocket-client-simple (>= 0.3.0)
    discordrb-webhooks (3.5.0)
      rest-client (>= 2.0.0)
    domain_name (0.6.20240107)
    dotenv (3.0.2)
    drb (2.2.0)
      ruby2_keywords
    event_emitter (0.2.6)
    faraday (2.9.0)
      faraday-net_http (>= 2.0, < 3.2)
    faraday-net_http (3.1.0)
      net-http
    ffi (1.16.3)
    http-accept (1.7.0)
    http-cookie (1.0.5)
      domain_name (~> 0.5)
    httpclient (2.8.3)
    i18n (1.14.1)
      concurrent-ruby (~> 1.0)
    isgd (1.0.5)
      httpclient (~> 2.8)
    literate_randomizer (0.4.0)
    mediawiki-butt (4.0.1)
      patron (~> 0.13)
    mime-types (3.5.2)
      mime-types-data (~> 3.2015)
    mime-types-data (3.2024.0206)
    minitest (5.22.2)
    mutex_m (0.2.0)
    net-http (0.4.1)
      uri
    netrc (0.11.0)
    octokit (8.1.0)
      base64
      faraday (>= 1, < 3)
      sawyer (~> 0.9)
    opus-ruby (1.0.1)
      ffi
    patron (0.13.3)
    public_suffix (5.0.4)
    require_all (3.0.0)
    rest-client (2.1.0)
      http-accept (>= 1.7.0, < 2.0)
      http-cookie (>= 1.0.2, < 2.0)
      mime-types (>= 1.16, < 4.0)
      netrc (~> 0.8)
    ruby2_keywords (0.0.5)
    sawyer (0.9.2)
      addressable (>= 2.3.5)
      faraday (>= 0.17.3, < 3)
    string-utility (3.0.1)
    tzinfo (2.0.6)
      concurrent-ruby (~> 1.0)
    uri (0.13.0)
    websocket (1.2.10)
    websocket-client-simple (0.8.0)
      event_emitter
      websocket

PLATFORMS
  ruby

DEPENDENCIES
  activesupport (~> 7.1.3)
  activesupport-core-ext (~> 4.0.0)
  array_utility (~> 1.1)
  discordrb (~> 3.4)
  dotenv (~> 3.0)
  isgd (~> 1.0)
  literate_randomizer (~> 0.4)
  mediawiki-butt (~> 4.0)
  octokit (~> 8.1)
  require_all (~> 3.0)
  string-utility (~> 3.0)

RUBY VERSION
   ruby 3.3.0p0

BUNDLED WITH
   2.2.9
