GEM
  remote: https://rubygems.org/
  specs:
    addressable (2.5.0)
      public_suffix (~> 2.0, >= 2.0.2)
    array_utility (1.1.1)
    axiom-types (0.1.1)
      descendants_tracker (~> 0.0.4)
      ice_nine (~> 0.11.0)
      thread_safe (~> 0.3, >= 0.3.1)
    buftok (0.2.0)
    chunky_png (1.3.8)
    cinch (2.3.3)
    cleverbot_io (1.2.3)
      httpclient (~> 2.8)
      oj (~> 2.15)
    coercible (1.0.0)
      descendants_tracker (~> 0.0.1)
    curb (0.9.3)
    data_types (1.1.2)
    descendants_tracker (0.0.4)
      thread_safe (~> 0.3, >= 0.3.1)
    domain_name (0.5.20161129)
      unf (>= 0.0.5, < 1.0.0)
    dotenv (2.2.0)
    equalizer (0.0.11)
    faraday (0.11.0)
      multipart-post (>= 1.2, < 3)
    fishbans (1.1.4)
      chunky_png (~> 1.3)
      httpclient (~> 2.8)
    http (2.1.0)
      addressable (~> 2.3)
      http-cookie (~> 1.0)
      http-form_data (~> 1.0.1)
      http_parser.rb (~> 0.6.0)
    http-cookie (1.0.3)
      domain_name (~> 0.5)
    http-form_data (1.0.1)
    http_parser.rb (0.6.0)
    httparty (0.14.0)
      multi_xml (>= 0.5.2)
    httpclient (2.8.3)
    ice_nine (0.11.2)
    isgd (1.0.5)
      httpclient (~> 2.8)
    literate_randomizer (0.4.0)
    mediawiki-butt (1.3.0)
      httpclient (~> 2.8)
    memoizable (0.4.2)
      thread_safe (~> 0.3, >= 0.3.1)
    mojang (1.0.1)
      curb (~> 0.9)
      oj (~> 2.15)
    multi_xml (0.6.0)
    multipart-post (2.0.0)
    naught (1.1.0)
    octokit (4.6.2)
      sawyer (~> 0.8.0, >= 0.5.3)
    oj (2.18.1)
    oxford_dictionary (0.1.0)
      httparty (~> 0.14.0)
      plissken (~> 0.1.0)
      virtus (~> 1.0.5)
    pastee (2.0.3)
      httpclient (~> 2.8)
    pg (0.19.0)
    plissken (0.1.0)
    public_suffix (2.0.5)
    rainbow (2.1.0)
    require_all (1.4.0)
    sawyer (0.8.1)
      addressable (>= 2.3.5, < 2.6)
      faraday (~> 0.8, < 1.0)
    sequel (4.43.0)
    simple_geolocator (2.0.0)
      curb (~> 0.9)
      data_types (~> 1)
      oj (~> 2)
      rainbow (~> 2)
      string-utility (~> 2)
    simple_oauth (0.3.1)
    string-utility (2.7.2)
    thread_safe (0.3.5)
    timerizer (0.1.4)
    twitter (6.1.0)
      addressable (~> 2.5)
      buftok (~> 0.2.0)
      equalizer (= 0.0.11)
      faraday (~> 0.11.0)
      http (~> 2.1)
      http_parser.rb (~> 0.6.0)
      memoizable (~> 0.4.2)
      naught (~> 1.1)
      simple_oauth (~> 0.3.1)
    unf (0.1.4)
      unf_ext
    unf_ext (0.0.7.2)
    urbandict (1.0.2)
      httpclient (~> 2.8)
    virtus (1.0.5)
      axiom-types (~> 0.1)
      coercible (~> 1.0)
      descendants_tracker (~> 0.0, >= 0.0.3)
      equalizer (~> 0.0, >= 0.0.9)
    weatheruby (0.6.0)
      httpclient (~> 2.8)
      rainbow (~> 2.1)
      string-utility (~> 2.7)

PLATFORMS
  ruby

DEPENDENCIES
  addressable (~> 2.5)
  array_utility (~> 1.1)
  cinch (~> 2.3)
  cleverbot_io (~> 1.2)
  curb (~> 0.9)
  dotenv (~> 2.1)
  fishbans (~> 1.1)
  isgd (~> 1.0)
  literate_randomizer (~> 0.4)
  mediawiki-butt (~> 1.3)
  mojang (>= 1.0.1)
  octokit (~> 4.3)
  oxford_dictionary (~> 0.1)
  pastee (~> 2.0)
  pg (~> 0.18)
  require_all (~> 1.3)
  sequel (~> 4.34)
  simple_geolocator (~> 2.0)
  string-utility (~> 2.7, <= 2.7.2)
  timerizer (~> 0.1)
  twitter (~> 6.1)
  urbandict (~> 1.0)
  weatheruby (~> 0.6)

RUBY VERSION
   ruby 2.3.0p0

BUNDLED WITH
   1.14.3
