GEM
  remote: https://rubygems.org/
  specs:
    addressable (2.5.1)
      public_suffix (~> 2.0, >= 2.0.2)
    array_utility (1.1.1)
    buftok (0.2.0)
    chunky_png (1.3.8)
    cinch (2.3.4)
    cleverbot_io (2.0.0)
      httpclient (~> 2.8)
      oj (~> 2.15)
    curb (0.9.3)
    data_types (1.1.2)
    domain_name (0.5.20161129)
      unf (>= 0.0.5, < 1.0.0)
    dotenv (2.7.2)
    equalizer (0.0.11)
    faraday (0.11.0)
      multipart-post (>= 1.2, < 3)
    fishbans (2.0.0)
      chunky_png (~> 1.3)
      httpclient (~> 2.8)
    http (2.1.0)
      addressable (~> 2.3)
      http-cookie (~> 1.0)
      http-form_data (~> 1.0.1)
      http_parser.rb (~> 0.6.0)
    http-cookie (1.0.3)
      domain_name (~> 0.5)
    http-form_data (1.0.1)
    http_parser.rb (0.6.0)
    httpclient (2.8.3)
    isgd (1.0.5)
      httpclient (~> 2.8)
    literate_randomizer (0.4.0)
    mediawiki-butt (3.0.0)
      httpclient (~> 2.8)
    memoizable (0.4.2)
      thread_safe (~> 0.3, >= 0.3.1)
    mini_portile2 (2.1.0)
    mojang (1.0.1)
      curb (~> 0.9)
      oj (~> 2.15)
    multipart-post (2.0.0)
    mw_dictionary_api (0.1.3)
      nokogiri (~> 1.6.0)
    naught (1.1.0)
    nokogiri (1.6.8.1)
      mini_portile2 (~> 2.1.0)
    octokit (4.14.0)
      sawyer (~> 0.8.0, >= 0.5.3)
    oj (2.18.1)
    openweathermap (0.2.1)
    pastee (2.0.3)
      httpclient (~> 2.8)
    pg (0.21.0)
    public_suffix (2.0.5)
    rainbow (2.1.0)
    require_all (2.0.0)
    sawyer (0.8.2)
      addressable (>= 2.3.5)
      faraday (> 0.8, < 2.0)
    sequel (4.48.0)
    simple_geolocator (2.0.1)
      curb (~> 0.9)
      data_types (~> 1)
      oj (~> 2)
      rainbow (~> 2)
      string-utility (~> 3)
    simple_oauth (0.3.1)
    string-utility (3.0.0)
    thread_safe (0.3.5)
    timerizer (0.3.2)
    twitter (6.1.0)
      addressable (~> 2.5)
      buftok (~> 0.2.0)
      equalizer (= 0.0.11)
      faraday (~> 0.11.0)
      http (~> 2.1)
      http_parser.rb (~> 0.6.0)
      memoizable (~> 0.4.2)
      naught (~> 1.1)
      simple_oauth (~> 0.3.1)
    unf (0.1.4)
      unf_ext
    unf_ext (0.0.7.2)
    urbandict (1.0.2)
      httpclient (~> 2.8)

PLATFORMS
  ruby

DEPENDENCIES
  addressable (~> 2.5)
  array_utility (~> 1.1)
  cinch (~> 2.3)
  cleverbot_io (~> 2.0)
  curb (~> 0.9)
  dotenv (~> 2.7)
  fishbans (~> 2.0)
  isgd (~> 1.0)
  literate_randomizer (~> 0.4)
  mediawiki-butt (~> 3.0)
  mojang (>= 1.0.1)
  mw_dictionary_api (~> 0.1)
  octokit (~> 4.14)
  openweathermap (~> 0.1)
  pastee (~> 2.0)
  pg (~> 0.21)
  require_all (~> 2.0)
  sequel (~> 4.48)
  simple_geolocator (~> 2.0)
  string-utility (~> 3.0)
  timerizer (~> 0.3)
  twitter (~> 6.1)
  urbandict (~> 1.0)

RUBY VERSION
   ruby 2.6.3p62

BUNDLED WITH
   1.17.3
